GEM
  remote: https://rubygems.org/
  specs:
    coderay (1.1.3)
    gosu (1.4.6)
    method_source (1.0.0)
    pry (0.14.2)
      coderay (~> 1.1)
      method_source (~> 1.0)

PLATFORMS
  arm64-darwin-22

DEPENDENCIES
  gosu (~> 1.4)
  pry

BUNDLED WITH
   2.4.17
